GEM
  remote: http://rubygems.org/
  specs:
    RedCloth (4.2.8)
    addressable (2.2.6)
    coderay (0.9.8)
    configuration (1.3.1)
    diff-lcs (1.1.3)
    directory_watcher (1.4.1)
    hpricot (0.8.4)
    launchy (2.0.5)
      addressable (~> 2.2.6)
    little-plugger (1.1.2)
    logging (1.6.1)
      little-plugger (>= 1.1.2)
    loquacious (1.9.0)
    rake (0.8.7)
    rdiscount (1.6.8)
    rspec (2.6.0)
      rspec-core (~> 2.6.0)
      rspec-expectations (~> 2.6.0)
      rspec-mocks (~> 2.6.0)
    rspec-core (2.6.4)
    rspec-expectations (2.6.0)
      diff-lcs (~> 1.1.2)
    rspec-mocks (2.6.0)
    webby (0.9.4)
      directory_watcher (>= 1.1.2)
      hpricot (>= 0.6.0)
      launchy (>= 0.3.2)
      logging (>= 0.9.7)
      loquacious (>= 1.3.0)
      rake (>= 0.8.4)
      rspec (>= 1.2.2)

PLATFORMS
  ruby

DEPENDENCIES
  RedCloth (~> 4.2.7)
  coderay (~> 0.9.8)
  configuration
  rdiscount (~> 1.6.8)
  webby (~> 0.9.4)
